GIT
  remote: git://github.com/zipmark/rspec_api_documentation.git
  revision: fe8bf36c69e91b6e9bf0edd8dcb722afde6d809c
  specs:
    rspec_api_documentation (2.0.0)
      activesupport (>= 3.0.0)
      i18n (>= 0.1.0)
      json (>= 1.4.6)
      mustache (>= 0.99.4)
      rspec (>= 2.14.0)

GEM
  remote: https://rubygems.org/
  specs:
    actionmailer (4.0.2)
      actionpack (= 4.0.2)
      mail (~> 2.5.4)
    actionpack (4.0.2)
      activesupport (= 4.0.2)
      builder (~> 3.1.0)
      erubis (~> 2.7.0)
      rack (~> 1.5.2)
      rack-test (~> 0.6.2)
    active_model_serializers (0.8.1)
      activemodel (>= 3.0)
    activemodel (4.0.2)
      activesupport (= 4.0.2)
      builder (~> 3.1.0)
    activerecord (4.0.2)
      activemodel (= 4.0.2)
      activerecord-deprecated_finders (~> 1.0.2)
      activesupport (= 4.0.2)
      arel (~> 4.0.0)
    activerecord-deprecated_finders (1.0.3)
    activesupport (4.0.2)
      i18n (~> 0.6, >= 0.6.4)
      minitest (~> 4.2)
      multi_json (~> 1.3)
      thread_safe (~> 0.1)
      tzinfo (~> 0.3.37)
    arel (4.0.1)
    atomic (1.1.14)
    aws-sdk (1.29.1)
      json (~> 1.4)
      nokogiri (>= 1.4.4)
      uuidtools (~> 2.1)
    bcrypt-ruby (3.1.2)
    builder (3.1.4)
    capistrano (2.13.5)
      highline
      net-scp (>= 1.0.0)
      net-sftp (>= 2.0.0)
      net-ssh (>= 2.0.14)
      net-ssh-gateway (>= 1.1.0)
    capybara (2.1.0)
      mime-types (>= 1.16)
      nokogiri (>= 1.3.3)
      rack (>= 1.0.0)
      rack-test (>= 0.5.4)
      xpath (~> 2.0)
    carrierwave (0.9.0)
      activemodel (>= 3.2.0)
      activesupport (>= 3.2.0)
      json (>= 1.7)
    coderay (1.1.0)
    daemons (1.1.9)
    database_cleaner (1.2.0)
    diff-lcs (1.2.5)
    dotenv (0.9.0)
    erubis (2.7.0)
    eventmachine (1.0.3)
    excon (0.28.0)
    faraday (0.8.8)
      multipart-post (~> 1.2.0)
    fog (1.18.0)
      builder
      excon (~> 0.28.0)
      formatador (~> 0.2.0)
      mime-types
      multi_json (~> 1.0)
      net-scp (~> 1.1)
      net-ssh (>= 2.1.3)
      nokogiri (~> 1.5)
      ruby-hmac
    foreman (0.63.0)
      dotenv (>= 0.7)
      thor (>= 0.13.6)
    formatador (0.2.4)
    highline (1.6.20)
    hike (1.2.3)
    i18n (0.6.9)
    json (1.8.1)
    json_spec (1.1.1)
      multi_json (~> 1.0)
      rspec (~> 2.0)
    kgio (2.8.1)
    mail (2.5.4)
      mime-types (~> 1.16)
      treetop (~> 1.4.8)
    method_source (0.8.2)
    mime-types (1.25.1)
    mini_portile (0.5.2)
    minitest (4.7.5)
    multi_json (1.8.2)
    multipart-post (1.2.0)
    mustache (0.99.5)
    net-scp (1.1.2)
      net-ssh (>= 2.6.5)
    net-sftp (2.1.2)
      net-ssh (>= 2.6.5)
    net-ssh (2.7.0)
    net-ssh-gateway (1.2.0)
      net-ssh (>= 2.6.5)
    nokogiri (1.6.0)
      mini_portile (~> 0.5.0)
    pg (0.17.0)
    polyglot (0.3.3)
    pry (0.9.12.3)
      coderay (~> 1.0)
      method_source (~> 0.8)
      slop (~> 3.4)
    pry-rails (0.3.2)
      pry (>= 0.9.10)
    rack (1.5.2)
    rack-test (0.6.2)
      rack (>= 1.0)
    rails (4.0.2)
      actionmailer (= 4.0.2)
      actionpack (= 4.0.2)
      activerecord (= 4.0.2)
      activesupport (= 4.0.2)
      bundler (>= 1.3.0, < 2.0)
      railties (= 4.0.2)
      sprockets-rails (~> 2.0.0)
    railties (4.0.2)
      actionpack (= 4.0.2)
      activesupport (= 4.0.2)
      rake (>= 0.8.7)
      thor (>= 0.18.1, < 2.0)
    raindrops (0.12.0)
    rake (10.1.0)
    rspec (2.14.1)
      rspec-core (~> 2.14.0)
      rspec-expectations (~> 2.14.0)
      rspec-mocks (~> 2.14.0)
    rspec-core (2.14.7)
    rspec-expectations (2.14.4)
      diff-lcs (>= 1.1.3, < 2.0)
    rspec-mocks (2.14.4)
    rspec-rails (2.14.0)
      actionpack (>= 3.0)
      activesupport (>= 3.0)
      railties (>= 3.0)
      rspec-core (~> 2.14.0)
      rspec-expectations (~> 2.14.0)
      rspec-mocks (~> 2.14.0)
    ruby-hmac (0.4.0)
    slop (3.4.7)
    sprockets (2.10.1)
      hike (~> 1.2)
      multi_json (~> 1.0)
      rack (~> 1.0)
      tilt (~> 1.1, != 1.3.0)
    sprockets-rails (2.0.1)
      actionpack (>= 3.0)
      activesupport (>= 3.0)
      sprockets (~> 2.8)
    thin (1.5.1)
      daemons (>= 1.0.9)
      eventmachine (>= 0.12.6)
      rack (>= 1.0.0)
    thor (0.18.1)
    thread_safe (0.1.3)
      atomic
    tilt (1.4.1)
    treetop (1.4.15)
      polyglot
      polyglot (>= 0.3.1)
    tzinfo (0.3.38)
    unf (0.1.3)
      unf_ext
    unf_ext (0.0.6)
    unicorn (4.7.0)
      kgio (~> 2.6)
      rack
      raindrops (~> 0.7)
    uri_template (0.6.0)
    uuidtools (2.1.4)
    xpath (2.0.0)
      nokogiri (~> 1.3)

PLATFORMS
  ruby

DEPENDENCIES
  active_model_serializers (~> 0.8.0)
  aws-sdk (~> 1.0)
  bcrypt-ruby
  capistrano (~> 2.13.5)
  capybara
  carrierwave
  database_cleaner
  faraday
  fog
  foreman
  json_spec
  pg
  pry-rails
  rails (= 4.0.2)
  rspec-rails
  rspec_api_documentation!
  thin
  unf
  unicorn
  uri_template
